GEM
  specs:
    sqlite3 (1.3.11)

PLATFORMS
  ruby

DEPENDENCIES
  sqlite3

BUNDLED WITH
   1.10.6
